GEM
  remote: https://rubygems.org/
  specs:
    activesupport (4.2.5.1)
      i18n (~> 0.7)
      json (~> 1.7, >= 1.7.7)
      minitest (~> 5.1)
      thread_safe (~> 0.3, >= 0.3.4)
      tzinfo (~> 1.1)
    ast (2.1.0)
    astrolabe (1.3.1)
      parser (~> 2.2)
    chronic (0.10.2)
    docile (1.1.5)
    ethon (0.8.1)
      ffi (>= 1.3.0)
    ffi (1.9.10)
    i18n (0.7.0)
    json (1.8.3)
    libxml-ruby (2.8.0)
    mail (2.6.3)
      mime-types (>= 1.16, < 3)
    mime-types (2.99)
    minitest (5.8.4)
    mysql2 (0.4.2)
    parser (2.2.3.0)
      ast (>= 1.1, < 3.0)
    powerpack (0.1.1)
    rack (1.6.4)
    rainbow (2.0.0)
    rake (10.4.2)
    rchardet (1.6.1)
    rubocop (0.35.1)
      astrolabe (~> 1.3)
      parser (>= 2.2.3.0, < 3.0)
      powerpack (~> 0.1)
      rainbow (>= 1.99.1, < 3.0)
      ruby-progressbar (~> 1.7)
      tins (<= 1.6.0)
    ruby-progressbar (1.7.5)
    sequel (4.29.0)
    simplecov (0.11.1)
      docile (~> 1.1.0)
      json (~> 1.8)
      simplecov-html (~> 0.10.0)
    simplecov-html (0.10.0)
    sqlite3 (1.3.11)
    sys-filesystem (1.1.5)
      ffi
    thread_safe (0.3.5)
    tilia-event (2.0.2)
      activesupport (~> 4.2)
    tilia-http (4.1.0.6)
      activesupport (~> 4.2)
      rack (~> 1.6)
      rchardet (~> 1.6)
      tilia-event (~> 2.0)
      tilia-uri (~> 1.0)
      typhoeus (~> 0.8)
    tilia-uri (1.0.1)
      activesupport (~> 4.2)
    tilia-vobject (4.0.0.pre.alpha4)
      activesupport (~> 4.2)
      mail (~> 2.6)
      rchardet (~> 1.6)
      tilia-xml (~> 1.1)
      tzinfo (~> 1.2)
    tilia-xml (1.2.0.2)
      activesupport (~> 4.2)
      libxml-ruby (~> 2.8)
      tilia-uri (~> 1.0)
    tins (1.6.0)
    typhoeus (0.8.0)
      ethon (>= 0.8.0)
    tzinfo (1.2.2)
      thread_safe (~> 0.1)
    yard (0.8.7.6)

PLATFORMS
  ruby

DEPENDENCIES
  activesupport (~> 4.2)
  chronic (~> 0.10)
  mail (~> 2.6)
  minitest (~> 5.8)
  mysql2 (~> 0.4)
  rake
  rchardet (~> 1.6)
  rubocop (~> 0.34)
  sequel (~> 4.29)
  simplecov (~> 0.10)
  sqlite3 (~> 1.3)
  sys-filesystem (~> 1.1)
  tilia-event (~> 2.0)
  tilia-http (~> 4.1)
  tilia-uri (~> 1.0)
  tilia-vobject (>= 4.0.0.pre.alpha4)
  tilia-xml (~> 1.2)
  yard (~> 0.8)

BUNDLED WITH
   1.10.6
