PATH
  remote: .
  specs:
    tilia-dav (3.1.3)
      activesupport (>= 4.0)
      chronic (~> 0.10)
      mail (~> 2.6)
      mysql2 (~> 0.4)
      rchardet (~> 1.6)
      sequel (~> 4.29)
      sqlite3 (>= 1.3)
      sys-filesystem (~> 1.1)
      tilia-event (~> 2.0)
      tilia-http (~> 4.1)
      tilia-uri (~> 1.0)
      tilia-vobject (~> 4.0)
      tilia-xml (~> 1.2)

GEM
  remote: https://rubygems.org/
  specs:
    activesupport (8.0.1)
      base64
      benchmark (>= 0.3)
      bigdecimal
      concurrent-ruby (~> 1.0, >= 1.3.1)
      connection_pool (>= 2.2.5)
      drb
      i18n (>= 1.6, < 2)
      logger (>= 1.4.2)
      minitest (>= 5.1)
      securerandom (>= 0.3)
      tzinfo (~> 2.0, >= 2.0.5)
      uri (>= 0.13.1)
    ast (2.4.2)
    base64 (0.2.0)
    benchmark (0.4.0)
    bigdecimal (3.1.9)
    chronic (0.10.2)
    concurrent-ruby (1.3.4)
    connection_pool (2.4.1)
    date (3.4.1)
    docile (1.4.1)
    drb (2.2.1)
    ethon (0.16.0)
      ffi (>= 1.15.0)
    ffi (1.17.0)
    i18n (1.14.6)
      concurrent-ruby (~> 1.0)
    json (2.9.1)
    language_server-protocol (3.17.0.3)
    libxml-ruby (5.0.3)
    logger (1.6.4)
    mail (2.8.1)
      mini_mime (>= 0.1.1)
      net-imap
      net-pop
      net-smtp
    mini_mime (1.1.5)
    mini_portile2 (2.8.8)
    minitest (5.25.4)
    mysql2 (0.5.6)
    net-imap (0.5.4)
      date
      net-protocol
    net-pop (0.1.2)
      net-protocol
    net-protocol (0.2.2)
      timeout
    net-smtp (0.5.0)
      net-protocol
    parallel (1.26.3)
    parser (3.3.6.0)
      ast (~> 2.4.1)
      racc
    racc (1.8.1)
    rack (3.1.8)
    rainbow (3.1.1)
    rake (13.2.1)
    rchardet (1.8.0)
    regexp_parser (2.10.0)
    rubocop (1.69.2)
      json (~> 2.3)
      language_server-protocol (>= 3.17.0)
      parallel (~> 1.10)
      parser (>= 3.3.0.2)
      rainbow (>= 2.2.2, < 4.0)
      regexp_parser (>= 2.9.3, < 3.0)
      rubocop-ast (>= 1.36.2, < 2.0)
      ruby-progressbar (~> 1.7)
      unicode-display_width (>= 2.4.0, < 4.0)
    rubocop-ast (1.37.0)
      parser (>= 3.3.1.0)
    ruby-progressbar (1.13.0)
    securerandom (0.4.1)
    sequel (4.49.0)
    simplecov (0.22.0)
      docile (~> 1.1)
      simplecov-html (~> 0.11)
      simplecov_json_formatter (~> 0.1)
    simplecov-html (0.13.1)
    simplecov_json_formatter (0.1.4)
    sqlite3 (2.5.0)
      mini_portile2 (~> 2.8.0)
    sys-filesystem (1.5.3)
      ffi (~> 1.1)
    tilia-event (2.0.2.1)
      activesupport (>= 4.0)
    tilia-http (4.2.1.2)
      activesupport (>= 4.0)
      rack (>= 1.6)
      rchardet (~> 1.6)
      tilia-event (~> 2.0)
      tilia-uri (~> 1.0)
      typhoeus (~> 1.4)
    tilia-uri (1.0.1.1)
      activesupport (>= 4.0)
    tilia-vobject (4.0.2.2)
      activesupport (>= 4.0)
      mail (~> 2.6)
      rchardet (~> 1.6)
      tilia-xml (~> 1.3)
      tzinfo (>= 1.2)
    tilia-xml (1.3.0.1)
      activesupport (>= 4.0)
      libxml-ruby (>= 2.8)
      tilia-uri (~> 1.0, >= 1.0.1.1)
    timeout (0.4.3)
    typhoeus (1.4.1)
      ethon (>= 0.9.0)
    tzinfo (2.0.6)
      concurrent-ruby (~> 1.0)
    unicode-display_width (3.1.2)
      unicode-emoji (~> 4.0, >= 4.0.4)
    unicode-emoji (4.0.4)
    uri (1.0.2)
    yard (0.9.37)

PLATFORMS
  ruby

DEPENDENCIES
  minitest (~> 5.8)
  rake
  rubocop (~> 1.69)
  simplecov (~> 0.10)
  tilia-dav!
  yard (~> 0.8)

BUNDLED WITH
   2.4.19
